PATH
  remote: .
  specs:
    magick_round_corners (1.0)
      rmagick

GEM
  remote: https://rubygems.org/
  specs:
    diff-lcs (1.2.4)
    rmagick (2.13.2)
    rspec (2.13.0)
      rspec-core (~> 2.13.0)
      rspec-expectations (~> 2.13.0)
      rspec-mocks (~> 2.13.0)
    rspec-core (2.13.1)
    rspec-expectations (2.13.0)
      diff-lcs (>= 1.1.3, < 2.0)
    rspec-mocks (2.13.1)

PLATFORMS
  ruby

DEPENDENCIES
  bundler
  magick_round_corners!
  rspec
